GEM
  remote: https://rubygems.org/
  specs:
    aws-sdk-core (2.2.7)
      jmespath (~> 1.0)
    celluloid (0.16.0)
      timers (~> 4.0.0)
    hitimes (1.2.3)
    jmespath (1.1.3)
    shoryuken (2.0.2)
      aws-sdk-core (~> 2)
      celluloid (~> 0.16.0)
    timers (4.0.4)
      hitimes

PLATFORMS
  ruby

DEPENDENCIES
  shoryuken
