GEM
  remote: https://rubygems.org/
  specs:
    activemodel (4.2.5)
      activesupport (= 4.2.5)
      builder (~> 3.1)
    activesupport (4.2.5)
      i18n (~> 0.7)
      json (~> 1.7, >= 1.7.7)
      minitest (~> 5.1)
      thread_safe (~> 0.3, >= 0.3.4)
      tzinfo (~> 1.1)
    aws-sdk (2.2.7)
      aws-sdk-resources (= 2.2.7)
    aws-sdk-core (2.2.7)
      jmespath (~> 1.0)
    aws-sdk-resources (2.2.7)
      aws-sdk-core (= 2.2.7)
    builder (3.2.2)
    celluloid (0.16.0)
      timers (~> 4.0.0)
    concurrent-ruby (0.9.2)
    config_env (0.1.0)
    daemons (1.2.3)
    dynamoid (1.0.0)
      activemodel (~> 4)
      aws-sdk-resources (~> 2)
      concurrent-ruby (~> 0.9)
    eventmachine (1.0.8)
    hitimes (1.2.3)
    i18n (0.7.0)
    jmespath (1.1.3)
    json (1.8.3)
    minitest (5.8.3)
    rack (1.6.4)
    rack-protection (1.5.3)
      rack
    shoryuken (2.0.2)
      aws-sdk-core (~> 2)
      celluloid (~> 0.16.0)
    sinatra (1.4.6)
      rack (~> 1.4)
      rack-protection (~> 1.4)
      tilt (>= 1.3, < 3)
    slim (3.0.6)
      temple (~> 0.7.3)
      tilt (>= 1.3.3, < 2.1)
    temple (0.7.6)
    thin (1.6.4)
      daemons (~> 1.0, >= 1.0.9)
      eventmachine (~> 1.0, >= 1.0.4)
      rack (~> 1.0)
    thread_safe (0.3.5)
    tilt (2.0.1)
    timers (4.0.4)
      hitimes
    tzinfo (1.2.2)
      thread_safe (~> 0.1)

PLATFORMS
  ruby

DEPENDENCIES
  activesupport
  aws-sdk (~> 2)
  config_env
  dynamoid (~> 1)
  shoryuken
  sinatra
  slim
  thin
